GEM
  remote: https://rubygems.org/
  specs:
    activesupport (7.0.4)
      concurrent-ruby (~> 1.0, >= 1.0.2)
      i18n (>= 1.6, < 2)
      minitest (>= 5.1)
      tzinfo (~> 2.0)
    concurrent-ruby (1.1.10)
    dotenv (2.8.1)
    hash_diff (1.1.1)
    httparty (0.20.0)
      mime-types (~> 3.0)
      multi_xml (>= 0.5.2)
    i18n (1.12.0)
      concurrent-ruby (~> 1.0)
    jwt (2.5.0)
    mime-types (3.4.1)
      mime-types-data (~> 3.2015)
    mime-types-data (3.2022.0105)
    minitest (5.16.3)
    multi_xml (0.6.0)
    oj (3.13.21)
    openssl (3.0.1)
    rake (13.0.6)
    ruby_http_client (3.5.5)
    securerandom (0.2.0)
    sendgrid-ruby (6.6.2)
      ruby_http_client (~> 3.4)
    shopify_api (11.1.0)
      concurrent-ruby
      hash_diff
      httparty
      jwt
      oj
      openssl
      securerandom
      sorbet-runtime
      zeitwerk (~> 2.5)
    sorbet-runtime (0.5.10417)
    tzinfo (2.0.5)
      concurrent-ruby (~> 1.0)
    zeitwerk (2.6.0)

PLATFORMS
  x86_64-darwin-20

DEPENDENCIES
  activesupport
  dotenv
  rake
  sendgrid-ruby
  shopify_api

RUBY VERSION
   ruby 3.1.2p20

BUNDLED WITH
   2.3.7
